GEM
  remote: http://rubygems.org/
  specs:
    curb (0.9.10)
    dotenv (2.7.6)
    httpclient (2.8.3)
    mediawiki-butt (3.0.0)
      httpclient (~> 2.8)
    mini_portile2 (2.8.0)
    mustermann (1.0.3)
    nio4r (2.5.7)
    nokogiri (1.13.2)
      mini_portile2 (~> 2.8.0)
      racc (~> 1.4)
    puma (4.3.8)
      nio4r (~> 2.0)
    racc (1.6.0)
    rack (2.2.3)
    rack-protection (2.0.7)
      rack
    sinatra (2.0.7)
      mustermann (~> 1.0)
      rack (~> 2.0)
      rack-protection (= 2.0.7)
      tilt (~> 2.0)
    tilt (2.0.10)

PLATFORMS
  ruby

DEPENDENCIES
  curb (~> 0.9)
  dotenv (~> 2.7)
  mediawiki-butt (~> 3.0)
  nokogiri (~> 1.13)
  puma (~> 4.3)
  sinatra (~> 2.0)

RUBY VERSION
   ruby 2.6.5p114

BUNDLED WITH
   2.0.2
