GEM
  remote: http://rubygems.org/
  specs:
    curb (0.9.10)
    dotenv (2.7.5)
    httpclient (2.8.3)
    mediawiki-butt (3.0.0)
      httpclient (~> 2.8)
    mini_portile2 (2.4.0)
    mustermann (1.0.3)
    nio4r (2.5.2)
    nokogiri (1.10.5)
      mini_portile2 (~> 2.4.0)
    puma (4.2.1)
      nio4r (~> 2.0)
    rack (2.0.8)
    rack-protection (2.0.7)
      rack
    sinatra (2.0.7)
      mustermann (~> 1.0)
      rack (~> 2.0)
      rack-protection (= 2.0.7)
      tilt (~> 2.0)
    tilt (2.0.10)

PLATFORMS
  ruby

DEPENDENCIES
  curb (~> 0.9)
  dotenv (~> 2.7)
  mediawiki-butt (~> 3.0)
  nokogiri (~> 1.10)
  puma (~> 4.2)
  sinatra (~> 2.0)

RUBY VERSION
   ruby 2.6.5p114

BUNDLED WITH
   2.0.2
