GEM
  remote: http://rubygems.org/
  specs:
    curb (0.9.10)
    dotenv (2.7.6)
    httpclient (2.8.3)
    mediawiki-butt (3.0.0)
      httpclient (~> 2.8)
    mini_portile2 (2.5.3)
    mustermann (1.1.1)
      ruby2_keywords (~> 0.0.1)
    nio4r (2.5.7)
    nokogiri (1.11.4)
      mini_portile2 (~> 2.5.0)
      racc (~> 1.4)
    puma (4.3.8)
      nio4r (~> 2.0)
    racc (1.5.2)
    rack (2.2.3)
    rack-protection (2.2.0)
      rack
    ruby2_keywords (0.0.5)
    sinatra (2.2.0)
      mustermann (~> 1.0)
      rack (~> 2.2)
      rack-protection (= 2.2.0)
      tilt (~> 2.0)
    tilt (2.0.10)

PLATFORMS
  ruby

DEPENDENCIES
  curb (~> 0.9)
  dotenv (~> 2.7)
  mediawiki-butt (~> 3.0)
  nokogiri (~> 1.11)
  puma (~> 4.3)
  sinatra (~> 2.2)

RUBY VERSION
   ruby 2.6.5p114

BUNDLED WITH
   2.0.2
