GEM
  remote: http://rubygems.org/
  specs:
    curb (0.9.3)
    dotenv (2.1.1)
    httpclient (2.7.1)
    mediawiki-butt (0.11.0)
      httpclient (>= 2.7.1)
    mini_portile2 (2.0.0)
    nokogiri (1.6.7.2)
      mini_portile2 (~> 2.0.0.rc2)
    puma (3.4.0)
    rack (1.6.4)
    rack-protection (1.5.3)
      rack
    sinatra (1.4.7)
      rack (~> 1.5)
      rack-protection (~> 1.4)
      tilt (>= 1.3, < 3)
    tilt (2.0.2)

PLATFORMS
  ruby

DEPENDENCIES
  curb (~> 0.9)
  dotenv (~> 2.1)
  mediawiki-butt (~> 0.11)
  nokogiri (~> 1.6)
  puma (~> 3.4)
  sinatra (~> 1.4)

BUNDLED WITH
   1.11.2
