GEM
  remote: http://rubygems.org/
  specs:
    curb (0.9.3)
    dotenv (2.2.0)
    httpclient (2.8.2.3)
    mediawiki-butt (1.3.0)
      httpclient (~> 2.8)
    mini_portile2 (2.1.0)
    nokogiri (1.7.0.1)
      mini_portile2 (~> 2.1.0)
    puma (3.8.1)
    rack (1.6.4)
    rack-protection (1.5.3)
      rack
    sinatra (1.4.7)
      rack (~> 1.5)
      rack-protection (~> 1.4)
      tilt (>= 1.3, < 3)
    tilt (2.0.2)

PLATFORMS
  ruby

DEPENDENCIES
  curb (~> 0.9)
  dotenv (~> 2.2)
  mediawiki-butt (~> 1.3)
  nokogiri (~> 1.7)
  puma (~> 3.8gem)
  sinatra (~> 1.4)

RUBY VERSION
   ruby 2.4.0p0

BUNDLED WITH
   1.14.4
