GEM
  remote: http://rubygems.org/
  specs:
    curb (0.9.3)
    dotenv (2.1.1)
    httpclient (2.8.2.3)
    mediawiki-butt (1.3.0)
      httpclient (~> 2.8)
    mini_portile2 (2.0.0)
    nokogiri (1.6.7.2)
      mini_portile2 (~> 2.0.0.rc2)
    open_uri_redirections (0.2.1)
    puma (3.4.0)
    rack (1.6.4)
    rack-protection (1.5.3)
      rack
    sinatra (1.4.7)
      rack (~> 1.5)
      rack-protection (~> 1.4)
      tilt (>= 1.3, < 3)
    tilt (2.0.2)

PLATFORMS
  ruby

DEPENDENCIES
  curb (~> 0.9)
  dotenv (~> 2.1)
  mediawiki-butt (~> 1.3)
  nokogiri (~> 1.6)
  open_uri_redirections (~> 0.2)
  puma (~> 3.4)
  sinatra (~> 1.4)

RUBY VERSION
   ruby 2.3.0p0

BUNDLED WITH
   1.12.5
